PATH
  remote: .
  specs:
    kstor (0.5.0)
      journald-logger (~> 3.1)
      rbnacl (~> 7.1)
      sd_notify (~> 0.1)
      slop (~> 4.9)
      sqlite3 (~> 1.5)

GEM
  remote: https://rubygems.org/
  specs:
    ast (2.4.2)
    ffi (1.15.5)
    journald-logger (3.1.0)
      journald-native (~> 1.0)
    journald-native (1.0.12)
    json (2.6.2)
    minitest (5.16.3)
    parallel (1.22.1)
    parser (3.1.2.1)
      ast (~> 2.4.1)
    rainbow (3.1.1)
    rake (13.0.6)
    rbnacl (7.1.1)
      ffi
    regexp_parser (2.6.0)
    rexml (3.2.5)
    rubocop (1.38.0)
      json (~> 2.3)
      parallel (~> 1.10)
      parser (>= 3.1.2.1)
      rainbow (>= 2.2.2, < 4.0)
      regexp_parser (>= 1.8, < 3.0)
      rexml (>= 3.2.5, < 4.0)
      rubocop-ast (>= 1.23.0, < 2.0)
      ruby-progressbar (~> 1.7)
      unicode-display_width (>= 1.4.0, < 3.0)
    rubocop-ast (1.23.0)
      parser (>= 3.1.1.0)
    rubocop-minitest (0.23.0)
      rubocop (>= 0.90, < 2.0)
    rubocop-rake (0.6.0)
      rubocop (~> 1.0)
    ruby-progressbar (1.11.0)
    sd_notify (0.1.1)
    slop (4.9.3)
    sqlite3 (1.5.3-x86_64-linux)
    unicode-display_width (2.3.0)

PLATFORMS
  x86_64-linux

DEPENDENCIES
  kstor!
  minitest (~> 5.0)
  rake (~> 13.0)
  rubocop (~> 1.38)
  rubocop-minitest (~> 0.23)
  rubocop-rake (~> 0.6)

BUNDLED WITH
   2.3.25
